GEM
  remote: https://rubygems.org/
  specs:
    adsf (1.2.0)
      rack (>= 1.0.0)
    ansi (1.5.0)
    builder (3.2.2)
    coderay (1.1.1)
    colored (1.2)
    configure-s3-website (1.7.1)
      deep_merge (= 1.0.0)
    cri (2.7.0)
      colored (~> 1.2)
    deep_merge (1.0.0)
    dotenv (1.0.2)
    ffi (1.9.10)
    formatador (0.2.5)
    guard (2.13.0)
      formatador (>= 0.2.4)
      listen (>= 2.7, <= 4.0)
      lumberjack (~> 1.0)
      nenv (~> 0.1)
      notiffany (~> 0.0)
      pry (>= 0.9.12)
      shellany (~> 0.0)
      thor (>= 0.18.1)
    guard-compat (1.2.1)
    guard-nanoc (2.0.0)
      guard (~> 2.8)
      guard-compat (~> 1.0)
      nanoc (~> 4.0)
    kramdown (1.7.0)
    listen (3.1.2)
      rb-fsevent (>= 0.9.3)
      rb-inotify (>= 0.9.7)
      ruby_dep (~> 1.1)
    lumberjack (1.0.10)
    method_source (0.8.2)
    mime-types (2.6.1)
    mini_portile (0.6.2)
    minitest (5.8.3)
    minitest-reporters (1.1.7)
      ansi
      builder
      minitest (>= 5.0)
      ruby-progressbar
    nanoc (4.1.6)
      cri (~> 2.3)
    nenv (0.3.0)
    nokogiri (1.6.6.2)
      mini_portile (~> 0.6.0)
    notiffany (0.0.8)
      nenv (~> 0.1)
      shellany (~> 0.0)
    posix-spawn (0.3.11)
    pry (0.10.3)
      coderay (~> 1.1.0)
      method_source (~> 0.8.1)
      slop (~> 3.4)
    pygments.rb (0.6.3)
      posix-spawn (~> 0.3.6)
      yajl-ruby (~> 1.2.0)
    rack (1.6.1)
    rake (10.4.2)
    rb-fsevent (0.9.7)
    rb-inotify (0.9.7)
      ffi (>= 0.5.0)
    ruby-progressbar (1.7.5)
    ruby_dep (1.1.0)
    s3_website (2.10.0)
      colored (= 1.2)
      configure-s3-website (= 1.7.1)
      dotenv (~> 1.0)
      thor (~> 0.18)
    sass (3.4.14)
    shellany (0.0.1)
    slop (3.6.0)
    systemu (2.6.5)
    thor (0.19.1)
    yajl-ruby (1.2.1)

PLATFORMS
  ruby

DEPENDENCIES
  adsf
  builder
  guard-nanoc
  kramdown
  mime-types
  minitest
  minitest-reporters
  nanoc (~> 4.1.0)
  nokogiri
  pygments.rb
  rake
  s3_website
  sass
  systemu

BUNDLED WITH
   1.11.2
