GEM
  remote: https://rubygems.org/
  specs:
    addressable (2.5.2)
      public_suffix (>= 2.0.2, < 4.0)
    adsf (1.4.0)
      rack (>= 1.0.0, < 3.0.0)
    ansi (1.5.0)
    aws-sdk (2.10.109)
      aws-sdk-resources (= 2.10.109)
    aws-sdk-core (2.10.109)
      aws-sigv4 (~> 1.0)
      jmespath (~> 1.0)
    aws-sdk-resources (2.10.109)
      aws-sdk-core (= 2.10.109)
    aws-sigv4 (1.0.2)
    builder (3.2.3)
    coderay (1.1.2)
    colored (1.2)
    concurrent-ruby (1.0.5)
    configure-s3-website (2.3.0)
      aws-sdk (~> 2)
      deep_merge (~> 1.0.0)
    cri (2.10.1)
      colored (~> 1.2)
    ddmemoize (1.0.0a2)
      ddtelemetry (= 1.0.0a1)
      ref (~> 2.0)
    ddplugin (1.0.1)
    ddtelemetry (1.0.0a1)
    deep_merge (1.0.1)
    dotenv (1.0.2)
    ffi (1.9.18)
    formatador (0.2.5)
    guard (2.14.1)
      formatador (>= 0.2.4)
      listen (>= 2.7, < 4.0)
      lumberjack (~> 1.0)
      nenv (~> 0.1)
      notiffany (~> 0.0)
      pry (>= 0.9.12)
      shellany (~> 0.0)
      thor (>= 0.18.1)
    guard-compat (1.2.1)
    guard-nanoc (2.1.2)
      guard (~> 2.8)
      guard-compat (~> 1.0)
      nanoc (>= 4.3.8, < 5.0)
    hamster (3.0.0)
      concurrent-ruby (~> 1.0)
    jmespath (1.3.1)
    kramdown (1.16.2)
    listen (3.1.5)
      rb-fsevent (~> 0.9, >= 0.9.4)
      rb-inotify (~> 0.9, >= 0.9.7)
      ruby_dep (~> 1.2)
    lumberjack (1.0.12)
    method_source (0.9.0)
    mime-types (3.1)
      mime-types-data (~> 3.2015)
    mime-types-data (3.2016.0521)
    mini_portile2 (2.3.0)
    minitest (5.10.3)
    minitest-reporters (1.1.19)
      ansi
      builder
      minitest (>= 5.0)
      ruby-progressbar
    multi_json (1.12.2)
    nanoc (4.8.17)
      addressable (~> 2.5)
      cri (~> 2.8)
      ddmemoize (= 1.0.0a2)
      ddplugin (~> 1.0)
      ddtelemetry (= 1.0.0a1)
      hamster (~> 3.0)
      ref (~> 2.0)
      slow_enumerator_tools (~> 1.0)
    nenv (0.3.0)
    nokogiri (1.8.1)
      mini_portile2 (~> 2.3.0)
    notiffany (0.1.1)
      nenv (~> 0.1)
      shellany (~> 0.0)
    pry (0.11.3)
      coderay (~> 1.1.0)
      method_source (~> 0.9.0)
    public_suffix (3.0.1)
    pygments.rb (1.2.1)
      multi_json (>= 1.0.0)
    rack (2.0.3)
    rake (12.3.0)
    rb-fsevent (0.10.2)
    rb-inotify (0.9.10)
      ffi (>= 0.5.0, < 2)
    ref (2.0.0)
    ruby-progressbar (1.9.0)
    ruby_dep (1.5.0)
    s3_website (3.4.0)
      colored (= 1.2)
      configure-s3-website (= 2.3.0)
      dotenv (~> 1.0)
      thor (~> 0.18)
    sass (3.5.4)
      sass-listen (~> 4.0.0)
    sass-listen (4.0.0)
      rb-fsevent (~> 0.9, >= 0.9.4)
      rb-inotify (~> 0.9, >= 0.9.7)
    shellany (0.0.1)
    slow_enumerator_tools (1.1.0)
    systemu (2.6.5)
    thor (0.20.0)

PLATFORMS
  ruby

DEPENDENCIES
  adsf
  builder
  guard-nanoc
  kramdown
  mime-types
  minitest
  minitest-reporters
  nanoc (~> 4.8.0)
  nokogiri
  pygments.rb
  rake
  s3_website
  sass
  systemu

BUNDLED WITH
   1.16.0
